GEM
  remote: https://rubygems.org/
  specs:
    pastel (0.8.0)
      tty-color (~> 0.5)
    tty-color (0.6.0)

PLATFORMS
  ruby

DEPENDENCIES
  pastel

BUNDLED WITH
   2.1.4
